GEM
  remote: http://ruby.taobao.org/
  specs:
    activemodel (3.2.13)
      activesupport (= 3.2.13)
      builder (~> 3.0.0)
    activesupport (3.2.13)
      i18n (= 0.6.1)
      multi_json (~> 1.0)
    addressable (2.3.4)
    bson (1.9.0)
    bson_ext (1.9.0)
      bson (~> 1.9.0)
    builder (3.0.4)
    carrierwave (0.5.3)
      activesupport (~> 3.0)
    chinese_pinyin (0.4.2)
    cookiejar (0.3.0)
    daemons (1.1.9)
    em-http-request (1.0.3)
      addressable (>= 2.2.3)
      cookiejar
      em-socksify
      eventmachine (>= 1.0.0.beta.4)
      http_parser.rb (>= 0.5.3)
    em-resolv-replace (1.1.3)
    em-socksify (0.2.1)
      eventmachine (>= 1.0.0.beta.4)
    em-synchrony (1.0.3)
      eventmachine (>= 1.0.0.beta.1)
    eventmachine (1.0.3)
    hiredis (0.4.5)
    http_parser.rb (0.5.3)
    i18n (0.6.1)
    mini_magick (3.6.0)
      subexec (~> 0.2.1)
    mongo (1.9.0)
      bson (~> 1.9.0)
    mongoid (3.1.4)
      activemodel (~> 3.2)
      moped (~> 1.4)
      origin (~> 1.0)
      tzinfo (~> 0.3.22)
    moped (1.5.0)
    multi_json (1.7.6)
    origin (1.1.0)
    rack (1.5.2)
    rack-fiber_pool (0.9.3)
    rack-protection (1.5.0)
      rack
    redis (3.0.4)
    redis-namespace (1.3.0)
      redis (~> 3.0.0)
    redis-search (0.9.0)
      chinese_pinyin (>= 0.3.0)
      redis (>= 2.1.1)
      redis-namespace (>= 1.0.2)
    rmmseg-cpp-huacnlee (0.2.9)
    sinatra (1.4.3)
      rack (~> 1.4)
      rack-protection (~> 1.4)
      tilt (~> 1.3, >= 1.3.4)
    sinatra-synchrony (0.4.1)
      em-http-request (~> 1.0)
      em-resolv-replace (~> 1.1)
      em-synchrony (~> 1.0.1)
      eventmachine (~> 1.0.0)
      rack-fiber_pool (~> 0.9)
      sinatra (~> 1.0)
    subexec (0.2.3)
    thin (1.5.1)
      daemons (>= 1.0.9)
      eventmachine (>= 0.12.6)
      rack (>= 1.0.0)
    tilt (1.4.1)
    tzinfo (0.3.37)

PLATFORMS
  ruby

DEPENDENCIES
  bson_ext (~> 1.9.0)
  carrierwave (= 0.5.3)
  hiredis (~> 0.4.5)
  mini_magick (~> 3.6.0)
  mongo (~> 1.9.0)
  mongoid (~> 3.1.4)
  redis (~> 3.0.4)
  redis-search (~> 0.9.0)
  rmmseg-cpp-huacnlee (~> 0.2.9)
  sinatra (~> 1.4.3)
  sinatra-synchrony (~> 0.4.1)
  thin (~> 1.5.1)
